PATH
  remote: .
  specs:
    lp_token_auth (0.1.1)
      jwt (>= 1.5.6)

GEM
  remote: https://rubygems.org/
  specs:
    jwt (1.5.6)

PLATFORMS
  ruby

DEPENDENCIES
  lp_token_auth!

BUNDLED WITH
   1.14.4
