PATH
  remote: .
  specs:
    lp_token_auth (0.3.0)
      jwt (>= 1.5.6)

GEM
  remote: https://rubygems.org/
  specs:
    codeclimate-test-reporter (1.0.5)
      simplecov
    docile (1.1.5)
    json (2.0.3)
    jwt (1.5.6)
    minitest (5.10.2)
    rake (10.5.0)
    simplecov (0.13.0)
      docile (~> 1.1.0)
      json (>= 1.8, < 3)
      simplecov-html (~> 0.10.0)
    simplecov-html (0.10.0)

PLATFORMS
  ruby

DEPENDENCIES
  codeclimate-test-reporter (~> 1.0.0)
  lp_token_auth!
  minitest (~> 5.10, >= 5.10.1)
  rake (~> 10.4, >= 10.4.2)
  simplecov

BUNDLED WITH
   1.16.1
